GEM
  remote: https://rubygems.org/
  specs:
    activesupport (4.2.0)
      i18n (~> 0.7)
      json (~> 1.7, >= 1.7.7)
      minitest (~> 5.1)
      thread_safe (~> 0.3, >= 0.3.4)
      tzinfo (~> 1.1)
    chrono (0.0.4)
      activesupport
    docomoru (0.1.1)
      activesupport
      faraday
      faraday_middleware
      json
      rack
      slop
    dotenv (2.0.0)
    faraday (0.9.1)
      multipart-post (>= 1.2, < 3)
    faraday_middleware (0.9.1)
      faraday (>= 0.7.4, < 0.10)
    ffi (1.9.6)
    i18n (0.7.0)
    ikku (0.1.4)
      natto
    json (1.8.2)
    mem (0.1.5)
    mini_portile (0.6.2)
    minitest (5.5.1)
    multipart-post (2.0.0)
    natto (0.9.8)
      ffi (>= 1.9.0)
    nokogiri (1.6.6.2)
      mini_portile (~> 0.6.0)
    rack (1.6.0)
    rake (10.4.2)
    redis (3.2.1)
    redis-namespace (1.5.1)
      redis (~> 3.0, >= 3.0.4)
    ruboty (1.2.1)
      activesupport
      bundler
      dotenv
      mem
      slop
    ruboty-alias (0.0.6)
      ruboty (>= 1.1.1)
    ruboty-cron (1.0.0)
      activesupport
      chrono
      ruboty (>= 0.2.0)
    ruboty-google_image (0.0.7)
      faraday
      faraday_middleware
      ruboty
    ruboty-hipchat (0.1.6)
      ruboty
      xrc (>= 0.1.1)
    ruboty-japan_weather (0.0.4)
      ruboty
      weather_jp
    ruboty-kokodeikku (0.0.8)
      ikku (>= 0.1.1)
      ruboty
    ruboty-lgtm (0.0.3)
      faraday
      faraday_middleware
      ruboty
    ruboty-qanda (0.0.1)
      faraday
      ruboty
    ruboty-redis (0.0.5)
      redis
      redis-namespace
      ruboty
    ruboty-reminder (0.2.0)
      ruboty
    ruboty-talk (0.0.5)
      docomoru (>= 0.0.3)
      ruboty (>= 1.1.0)
    slop (4.0.0)
    thread_safe (0.3.4)
    tzinfo (1.2.2)
      thread_safe (~> 0.1)
    weather_jp (2.0.0)
      activesupport
      nokogiri
      rack
      rake (>= 0.9.2)
    xrc (0.1.4)
      activesupport

PLATFORMS
  ruby

DEPENDENCIES
  ruboty
  ruboty-alias
  ruboty-cron
  ruboty-google_image
  ruboty-hipchat
  ruboty-japan_weather
  ruboty-kokodeikku
  ruboty-lgtm
  ruboty-qanda
  ruboty-redis
  ruboty-reminder
  ruboty-talk
